GEM
  remote: https://rubygems.org/
  specs:
    coderay (1.1.3)
    daemons (1.4.0)
    eventmachine (1.2.7)
    json (2.5.1)
    method_source (1.0.0)
    pry (0.14.1)
      coderay (~> 1.1)
      method_source (~> 1.0)
    rack (2.2.3)
    rack-cors (1.1.1)
      rack (>= 2.0.0)
    shotgun (0.9.2)
      rack (>= 1.0)
    thin (1.8.1)
      daemons (~> 1.0, >= 1.0.9)
      eventmachine (~> 1.0, >= 1.0.4)
      rack (>= 1, < 3)

PLATFORMS
  ruby

DEPENDENCIES
  json (~> 2.5)
  pry (~> 0.14.1)
  rack (~> 2.2)
  rack-cors (~> 1.1)
  shotgun (~> 0.9.2)
  thin (~> 1.8)

BUNDLED WITH
   2.2.8
